NUGET
  remote: https://nuget.org/api/v2
  specs:
    FAKE (4.4.4)
    FSharp.Control.Reactive (3.2.0)
      FSharp.Core (>= 3.1.2)
      Rx-Core (>= 2.2.5)
      Rx-Interfaces (>= 2.2.5)
      Rx-Linq (>= 2.2.5)
    FSharp.Core (4.0.0.1)
    FSharp.Data (2.2.5)
      Zlib.Portable (>= 1.10.0) - framework: portable-net40+sl50+wp80+win80
    FsUnit (1.3.1)
      NUnit (2.6.4)
    Newtonsoft.Json (7.0.1)
    NUnit (2.6.4)
    NUnit.Console (3.0.0-beta-4)
    Rx-Core (2.2.5)
      Rx-Interfaces (>= 2.2.5)
    Rx-Interfaces (2.2.5)
    Rx-Linq (2.2.5)
      Rx-Core (>= 2.2.5)
      Rx-Interfaces (>= 2.2.5)
    Zlib.Portable (1.11.0) - framework: portable-net40+sl50+wp80+win80
