NUGET
  remote: https://nuget.org/api/v2
  specs:
    Argu (1.1.2)
    FAKE (4.7.2)
    FSharp.Data (2.2.5)
      Zlib.Portable (>= 1.10.0) - framework: portable-net40+sl50+wp80+win80
    FsUnit (1.3.1)
      NUnit (2.6.4)
    Newtonsoft.Json (7.0.1)
    NUnit (2.6.4)
    NUnit.Console (3.0.0-beta-5)
    Zlib.Portable (1.11.0) - framework: portable-net40+sl50+wp80+win80
